GIT
  remote: https://github.com/mitchellh/vagrant
  revision: 95d308caaecd139b8f62e41e7add0ec3f8ae3bd1
  ref: v1.2.3
  specs:
    vagrant (1.2.3)
      childprocess (~> 0.3.7)
      erubis (~> 2.7.0)
      i18n (~> 0.6.0)
      log4r (~> 1.1.9)
      net-scp (~> 1.1.0)
      net-ssh (~> 2.6.6)

GIT
  remote: https://github.com/myplanetdigital/vagrant-rackspace
  revision: c8f2e0cb22e3fcf7de99712ee2332227a64c8f9c
  ref: develop
  specs:
    vagrant-rackspace (0.1.1)
      fog (~> 1.10.0)

GEM
  remote: http://rubygems.org/
  specs:
    addressable (2.3.5)
    archive-tar-minitar (0.5.2)
    builder (3.2.2)
    chef (11.4.4)
      erubis
      highline (>= 1.6.9)
      json (>= 1.4.4, <= 1.7.7)
      mixlib-authentication (>= 1.3.0)
      mixlib-cli (~> 1.3.0)
      mixlib-config (>= 1.1.2)
      mixlib-log (>= 1.3.0)
      mixlib-shellout
      net-ssh (~> 2.6)
      net-ssh-multi (~> 1.1.0)
      ohai (>= 0.6.0)
      rest-client (>= 1.0.4, < 1.7.0)
      yajl-ruby (~> 1.1)
    childprocess (0.3.9)
      ffi (~> 1.0, >= 1.0.11)
    docopt (0.5.0)
    dynect_rest (0.4.3)
      json
      rest-client
    erubis (2.7.0)
    excon (0.25.1)
    faraday (0.8.7)
      multipart-post (~> 1.1)
    faraday_middleware (0.9.0)
      faraday (>= 0.7.4, < 0.9)
    ffi (1.9.0)
    fog (1.10.1)
      builder
      excon (~> 0.20)
      formatador (~> 0.2.0)
      mime-types
      multi_json (~> 1.0)
      net-scp (~> 1.1)
      net-ssh (>= 2.1.3)
      nokogiri (~> 1.5.0)
      ruby-hmac
    formatador (0.2.4)
    hashery (2.1.0)
    hashie (2.0.5)
    highline (1.6.19)
    hub (1.10.6)
    i18n (0.6.4)
    ipaddress (0.8.0)
    json (1.7.7)
    librarian (0.1.0)
      highline
      thor (~> 0.15)
    librarian-chef (0.0.1)
      archive-tar-minitar (>= 0.5.2)
      chef (>= 0.10)
      librarian (~> 0.1.0)
    log4r (1.1.10)
    mime-types (1.23)
    mixlib-authentication (1.3.0)
      mixlib-log
    mixlib-cli (1.3.0)
    mixlib-config (1.1.2)
    mixlib-log (1.6.0)
    mixlib-shellout (1.1.0)
    multi_json (1.7.7)
    multipart-post (1.2.0)
    net-scp (1.1.2)
      net-ssh (>= 2.6.5)
    net-ssh (2.6.8)
    net-ssh-gateway (1.2.0)
      net-ssh (>= 2.6.5)
    net-ssh-multi (1.1)
      net-ssh (>= 2.1.4)
      net-ssh-gateway (>= 0.99.0)
    netrc (0.7.7)
    nokogiri (1.5.10)
    octokit (1.25.0)
      addressable (~> 2.2)
      faraday (~> 0.8)
      faraday_middleware (~> 0.9)
      hashie (~> 2.0)
      multi_json (~> 1.3)
      netrc (~> 0.7.7)
    ohai (6.16.0)
      ipaddress
      mixlib-cli
      mixlib-config
      mixlib-log
      mixlib-shellout
      systemu
      yajl-ruby
    open4 (1.3.0)
    pwqgen.rb (0.0.5)
      docopt (~> 0.5.0)
    rake (10.1.0)
    rest-client (1.6.7)
      mime-types (>= 1.16)
    ruby-hmac (0.4.0)
    system_timer (1.2.4)
    systemu (2.5.2)
    thor (0.18.1)
    vagrant-cachier (0.2.0)
    vagrant-librarian-chef (0.1.2)
      librarian-chef
    vagrant-managed-servers (0.1.0)
    vagrant-omnibus (1.1.0)
    yajl-ruby (1.4.2)

PLATFORMS
  ruby

DEPENDENCIES
  chef
  dynect_rest
  hashery
  highline
  hub
  octokit
  open4
  pwqgen.rb
  rake
  system_timer
  vagrant!
  vagrant-cachier
  vagrant-librarian-chef
  vagrant-managed-servers
  vagrant-omnibus
  vagrant-rackspace!
